GEM
  remote: https://rubygems.org/
  specs:
    CFPropertyList (2.3.2)
    addressable (2.4.0)
    agent_client (1.3189.0)
      httpclient (= 2.7.1)
      yajl-ruby (~> 1.2.0)
    aws-sdk (1.60.2)
      aws-sdk-v1 (= 1.60.2)
    aws-sdk-core (2.2.0)
      jmespath (~> 1.0)
    aws-sdk-resources (2.2.0)
      aws-sdk-core (= 2.2.0)
    aws-sdk-v1 (1.60.2)
      json (~> 1.4)
      nokogiri (>= 1.4.4)
    blobstore_client (1.3189.0)
      aws-sdk-resources (= 2.2.0)
      bosh_common (~> 1.3189.0)
      httpclient (= 2.7.1)
      multi_json (~> 1.1)
    bosh-core (1.3189.0)
      gibberish (~> 1.4.0)
      yajl-ruby (~> 1.2.0)
    bosh-director-core (1.3189.0)
      bosh-template (~> 1.3189.0)
      bosh_common (~> 1.3189.0)
    bosh-registry (1.3189.0)
      aws-sdk
      bosh_cpi (~> 1.3189.0)
      fog
      sequel (~> 3.43.0)
      sinatra (~> 1.4.2)
      thin (~> 1.5.0)
      yajl-ruby (~> 1.2.0)
    bosh-stemcell (1.3189.0)
      bosh-core (~> 1.3189.0)
      bosh_aws_cpi (= 2.1.1)
    bosh-template (1.3189.0)
      semi_semantic (~> 1.1.0)
    bosh-workspace (0.9.10)
      bosh_cli (>= 1.2905.0)
      bosh_common (>= 1.2905.0)
      hashdiff (~> 0.2.1)
      membrane (~> 1.1.0)
      rugged (~> 0.24.0b11)
      semi_semantic (~> 1.1.0)
    bosh_aws_cpi (2.1.1)
      aws-sdk (= 1.60.2)
      bosh-registry
      bosh_common
      bosh_cpi
      httpclient (= 2.7.1)
      yajl-ruby (>= 0.8.2)
    bosh_cli (1.3189.0)
      blobstore_client (~> 1.3189.0)
      bosh-template (~> 1.3189.0)
      bosh_common (~> 1.3189.0)
      cf-uaa-lib (~> 3.2.1)
      highline (~> 1.6.2)
      httpclient (= 2.7.1)
      json_pure (~> 1.7)
      minitar (~> 0.5.4)
      net-scp (~> 1.1.0)
      net-ssh (= 2.9.2)
      net-ssh-gateway (~> 1.2.0)
      netaddr (~> 1.5.0)
      progressbar (~> 0.9.0)
      sshkey (~> 1.7.0)
      terminal-table (~> 1.4.3)
    bosh_cli_plugin_micro (1.3189.0)
      agent_client (~> 1.3189.0)
      blobstore_client (~> 1.3189.0)
      bosh-core (~> 1.3189.0)
      bosh-director-core (~> 1.3189.0)
      bosh-registry (~> 1.3189.0)
      bosh-stemcell (~> 1.3189.0)
      bosh_aws_cpi (= 2.1.1)
      bosh_cli (~> 1.3189.0)
      bosh_common (~> 1.3189.0)
      bosh_cpi (~> 1.3189.0)
      bosh_openstack_cpi (= 2.1.1)
      bosh_vcloud_cpi (= 0.12.1)
      bosh_vsphere_cpi (= 2.1.1)
      fog-google (= 0.1.0)
      mono_logger (~> 1.1.0)
      sqlite3 (~> 1.3.7)
    bosh_common (1.3189.0)
      logging (~> 1.8.2)
      semi_semantic (~> 1.1.0)
    bosh_cpi (1.3189.0)
      bosh_common (~> 1.3189.0)
      logging (~> 1.8.2)
      membrane (~> 1.1.0)
    bosh_openstack_cpi (2.1.1)
      bosh-registry
      bosh_common
      bosh_cpi
      fog (~> 1.34.0)
      httpclient (= 2.7.1)
      membrane (~> 1.1.0)
      yajl-ruby (>= 0.8.2)
    bosh_vcloud_cpi (0.12.1)
      bosh_common
      bosh_cpi
      builder (~> 3.1.4)
      httpclient (= 2.7.1)
      membrane
      nokogiri (~> 1.6.6)
      rest-client (~> 1.6.7)
      yajl-ruby (>= 0.8.2)
    bosh_vsphere_cpi (2.1.1)
      bosh_common
      bosh_cpi
      builder (~> 3.1.4)
      httpclient (= 2.7.1)
      membrane (~> 1.1.0)
      mono_logger (~> 1.1.0)
      nokogiri (~> 1.6.6)
    builder (3.1.4)
    cf-uaa-lib (3.2.5)
      multi_json
    cf-uaac (3.1.6)
      cf-uaa-lib (~> 3.2.5)
      em-http-request (~> 1.1.2)
      eventmachine (~> 1.0.3)
      highline (~> 1.6.21)
      json_pure (~> 1.8.1)
      launchy (~> 2.4.2)
      rack (~> 1.5.2)
    cookiejar (0.3.0)
    daemons (1.2.3)
    domain_name (0.5.20160128)
      unf (>= 0.0.5, < 1.0.0)
    em-http-request (1.1.3)
      addressable (>= 2.3.4)
      cookiejar (<= 0.3.0)
      em-socksify (>= 0.3)
      eventmachine (>= 1.0.3)
      http_parser.rb (>= 0.6.0)
    em-socksify (0.3.1)
      eventmachine (>= 1.0.0.beta.4)
    etcd (0.3.0)
      mixlib-log
    eventmachine (1.0.9.1)
    excon (0.45.4)
    fission (0.5.0)
      CFPropertyList (~> 2.2)
    fog (1.34.0)
      fog-atmos
      fog-aws (>= 0.6.0)
      fog-brightbox (~> 0.4)
      fog-core (~> 1.32)
      fog-dynect (~> 0.0.2)
      fog-ecloud (~> 0.1)
      fog-google (>= 0.0.2)
      fog-json
      fog-local
      fog-powerdns (>= 0.1.1)
      fog-profitbricks
      fog-radosgw (>= 0.0.2)
      fog-riakcs
      fog-sakuracloud (>= 0.0.4)
      fog-serverlove
      fog-softlayer
      fog-storm_on_demand
      fog-terremark
      fog-vmfusion
      fog-voxel
      fog-xml (~> 0.1.1)
      ipaddress (~> 0.5)
      nokogiri (~> 1.5, >= 1.5.11)
    fog-atmos (0.1.0)
      fog-core
      fog-xml
    fog-aws (0.8.1)
      fog-core (~> 1.27)
      fog-json (~> 1.0)
      fog-xml (~> 0.1)
      ipaddress (~> 0.8)
    fog-brightbox (0.10.1)
      fog-core (~> 1.22)
      fog-json
      inflecto (~> 0.0.2)
    fog-core (1.35.0)
      builder
      excon (~> 0.45)
      formatador (~> 0.2)
    fog-dynect (0.0.2)
      fog-core
      fog-json
      fog-xml
    fog-ecloud (0.3.0)
      fog-core
      fog-xml
    fog-google (0.1.0)
      fog-core
      fog-json
      fog-xml
    fog-json (1.0.2)
      fog-core (~> 1.0)
      multi_json (~> 1.10)
    fog-local (0.2.1)
      fog-core (~> 1.27)
    fog-powerdns (0.1.1)
      fog-core (~> 1.27)
      fog-json (~> 1.0)
      fog-xml (~> 0.1)
    fog-profitbricks (0.0.5)
      fog-core
      fog-xml
      nokogiri
    fog-radosgw (0.0.5)
      fog-core (>= 1.21.0)
      fog-json
      fog-xml (>= 0.0.1)
    fog-riakcs (0.1.0)
      fog-core
      fog-json
      fog-xml
    fog-sakuracloud (1.7.5)
      fog-core
      fog-json
    fog-serverlove (0.1.2)
      fog-core
      fog-json
    fog-softlayer (1.0.3)
      fog-core
      fog-json
    fog-storm_on_demand (0.1.1)
      fog-core
      fog-json
    fog-terremark (0.1.0)
      fog-core
      fog-xml
    fog-vmfusion (0.1.0)
      fission
      fog-core
    fog-voxel (0.1.0)
      fog-core
      fog-xml
    fog-xml (0.1.2)
      fog-core
      nokogiri (~> 1.5, >= 1.5.11)
    formatador (0.2.5)
    gibberish (1.4.0)
    hashdiff (0.2.3)
    highline (1.6.21)
    http-cookie (1.0.2)
      domain_name (~> 0.5)
    http_parser.rb (0.6.0)
    httpclient (2.7.1)
    inflecto (0.0.2)
    ipaddress (0.8.2)
    jmespath (1.1.3)
    json (1.8.3)
    json_pure (1.8.3)
    launchy (2.4.3)
      addressable (~> 2.3)
    little-plugger (1.1.4)
    logging (1.8.2)
      little-plugger (>= 1.1.3)
      multi_json (>= 1.8.4)
    mechanize (2.7.4)
      domain_name (~> 0.5, >= 0.5.1)
      http-cookie (~> 1.0)
      mime-types (>= 1.17.2, < 3)
      net-http-digest_auth (~> 1.1, >= 1.1.1)
      net-http-persistent (~> 2.5, >= 2.5.2)
      nokogiri (~> 1.6)
      ntlm-http (~> 0.1, >= 0.1.1)
      webrobots (>= 0.0.9, < 0.2)
    membrane (1.1.0)
    mime-types (1.25.1)
    mini_portile2 (2.0.0)
    minitar (0.5.4)
    mixlib-log (1.6.0)
    mono_logger (1.1.0)
    multi_json (1.11.2)
    net-http-digest_auth (1.4)
    net-http-persistent (2.9.4)
    net-scp (1.1.2)
      net-ssh (>= 2.6.5)
    net-ssh (2.9.2)
    net-ssh-gateway (1.2.0)
      net-ssh (>= 2.6.5)
    netaddr (1.5.1)
    nokogiri (1.6.7.2)
      mini_portile2 (~> 2.0.0.rc2)
    ntlm-http (0.1.1)
    progressbar (0.9.2)
    rack (1.5.5)
    rack-protection (1.5.3)
      rack
    rake (10.5.0)
    rest-client (1.6.9)
      mime-types (~> 1.16)
    rugged (0.24.0b12)
    semi_semantic (1.1.0)
    sequel (3.43.0)
    sinatra (1.4.7)
      rack (~> 1.5)
      rack-protection (~> 1.4)
      tilt (>= 1.3, < 3)
    sqlite3 (1.3.11)
    sshkey (1.7.0)
    terminal-table (1.4.5)
    thin (1.5.1)
      daemons (>= 1.0.9)
      eventmachine (>= 0.12.6)
      rack (>= 1.0.0)
    thor (0.19.1)
    tilt (2.0.2)
    unf (0.1.4)
      unf_ext
    unf_ext (0.0.7.2)
    webrobots (0.1.2)
    yajl-ruby (1.2.1)

PLATFORMS
  ruby

DEPENDENCIES
  bosh-workspace
  bosh_cli
  bosh_cli_plugin_micro
  cf-uaac
  etcd
  mechanize
  rake
  thor

BUNDLED WITH
   1.11.2

